GEM
  remote: https://rubygems.org/
  specs:
    gepub (0.6.4.6)
      nokogiri (>= 1.5.0)
      rubyzip (>= 0.9.6)
    mini_portile2 (2.1.0)
    nokogiri (1.7.2)
      mini_portile2 (~> 2.1.0)
    rubyzip (1.2.1)
    zip-zip (0.3)
      rubyzip (>= 1.0.0)

PLATFORMS
  ruby

DEPENDENCIES
  gepub
  nokogiri
  zip-zip

BUNDLED WITH
   1.13.6
