GEM
  remote: https://rubygems.org/
  specs:
    gepub (1.0.12)
      nokogiri (>= 1.8.2, < 1.11)
      rubyzip (> 1.1.1, < 2.4)
    mini_portile2 (2.4.0)
    nokogiri (1.10.10)
      mini_portile2 (~> 2.4.0)
    rubyzip (2.3.0)
    zip-zip (0.3)
      rubyzip (>= 1.0.0)

PLATFORMS
  ruby

DEPENDENCIES
  gepub
  nokogiri
  zip-zip

BUNDLED WITH
   1.13.6
