GEM
  remote: https://rubygems.org/
  specs:
    gepub (0.6.9.2)
      nokogiri (~> 1.6.1)
      rubyzip (>= 1.1.1)
    mini_portile (0.6.2)
    nokogiri (1.6.6.4)
      mini_portile (~> 0.6.0)
    rubyzip (2.0.0)
    zip-zip (0.3)
      rubyzip (>= 1.0.0)

PLATFORMS
  ruby

DEPENDENCIES
  gepub
  nokogiri
  zip-zip

BUNDLED WITH
   1.13.6
